PATH
  remote: .
  specs:
    github-authentication (0.2.0)
      jwt (~> 2.2)

GEM
  remote: https://rubygems.org/
  specs:
    addressable (2.7.0)
      public_suffix (>= 2.0.2, < 5.0)
    ast (2.4.0)
    crack (0.4.3)
      safe_yaml (~> 1.0.0)
    hashdiff (1.0.1)
    jaro_winkler (1.5.4)
    jwt (2.2.1)
    minitest (5.14.0)
    mocha (1.11.2)
    parallel (1.19.1)
    parser (2.7.1.2)
      ast (~> 2.4.0)
    public_suffix (4.0.4)
    rainbow (3.0.0)
    rake (12.3.3)
    rexml (3.2.4)
    rubocop (0.82.0)
      jaro_winkler (~> 1.5.1)
      parallel (~> 1.10)
      parser (>= 2.7.0.1)
      rainbow (>= 2.2.2, < 4.0)
      rexml
      ruby-progressbar (~> 1.7)
      unicode-display_width (>= 1.4.0, < 2.0)
    rubocop-shopify (1.0.2)
      rubocop (~> 0.82.0)
    ruby-progressbar (1.10.1)
    safe_yaml (1.0.5)
    timecop (0.9.1)
    unicode-display_width (1.7.0)
    vcr (5.1.0)
    webmock (3.8.3)
      addressable (>= 2.3.6)
      crack (>= 0.3.2)
      hashdiff (>= 0.4.0, < 2.0.0)

PLATFORMS
  ruby

DEPENDENCIES
  bundler (~> 1.17)
  github-authentication!
  minitest (~> 5.0)
  mocha (~> 1.11)
  rake (~> 12.3)
  rubocop (~> 0.52)
  rubocop-shopify
  timecop (~> 0.9)
  vcr (~> 5.1)
  webmock (~> 3.8)

BUNDLED WITH
   1.17.3
