PATH
  remote: .
  specs:
    github-authentication (0.1.0)
      jwt (~> 2.2)

GEM
  remote: https://rubygems.org/
  specs:
    addressable (2.7.0)
      public_suffix (>= 2.0.2, < 5.0)
    crack (0.4.3)
      safe_yaml (~> 1.0.0)
    hashdiff (1.0.1)
    jwt (2.2.1)
    minitest (5.14.0)
    mocha (1.11.2)
    public_suffix (4.0.4)
    rake (12.3.3)
    safe_yaml (1.0.5)
    sorbet (0.5.5585)
      sorbet-static (= 0.5.5585)
    sorbet-static (0.5.5585-universal-darwin-14)
    timecop (0.9.1)
    vcr (5.1.0)
    webmock (3.8.3)
      addressable (>= 2.3.6)
      crack (>= 0.3.2)
      hashdiff (>= 0.4.0, < 2.0.0)

PLATFORMS
  ruby

DEPENDENCIES
  bundler (~> 1.17)
  github-authentication!
  minitest (~> 5.0)
  mocha (~> 1.11)
  rake (~> 12.3)
  sorbet
  timecop (~> 0.9)
  vcr (~> 5.1)
  webmock (~> 3.8)

BUNDLED WITH
   1.17.3
